PATH
  remote: .
  specs:
    gilt (0.2.0)
      money (~> 4.0.2)
      weary (~> 1.1.0)

GEM
  remote: http://rubygems.org/
  specs:
    addressable (2.3.2)
    crack (0.3.1)
    diff-lcs (1.1.3)
    i18n (0.6.1)
    json (1.7.5)
    money (4.0.2)
      i18n (~> 0.4)
      json
    multi_json (1.3.6)
    promise (0.3.0)
    rack (1.4.1)
    rake (0.9.2.2)
    rspec (2.11.0)
      rspec-core (~> 2.11.0)
      rspec-expectations (~> 2.11.0)
      rspec-mocks (~> 2.11.0)
    rspec-core (2.11.1)
    rspec-expectations (2.11.3)
      diff-lcs (~> 1.1.3)
    rspec-mocks (2.11.2)
    simple_oauth (0.1.9)
    weary (1.1.0)
      addressable (~> 2.3.2)
      multi_json (~> 1.3.0)
      promise (~> 0.3.0)
      rack (~> 1.4.0)
      simple_oauth (~> 0.1.5)
    webmock (1.8.10)
      addressable (>= 2.2.7)
      crack (>= 0.1.7)

PLATFORMS
  ruby

DEPENDENCIES
  gilt!
  jruby-openssl (~> 0.7.6)
  rake (~> 0.9.2)
  rspec (~> 2.11.0)
  webmock (~> 1.8.10)
