PATH
  remote: .
  specs:
    gilt-rb (0.0.1)
      money (~> 4.0.2)
      weary (~> 1.0.0.rc1)

GEM
  remote: http://rubygems.org/
  specs:
    addressable (2.2.7)
    bouncy-castle-java (1.5.0146.1)
    crack (0.3.1)
    diff-lcs (1.1.3)
    i18n (0.6.0)
    jruby-openssl (0.7.6.1)
      bouncy-castle-java (>= 1.5.0146.1)
    json (1.6.5)
    json (1.6.5-java)
    money (4.0.2)
      i18n (~> 0.4)
      json
    multi_json (1.1.0)
    promise (0.3.0)
    rack (1.4.1)
    rake (0.9.2.2)
    rspec (2.8.0)
      rspec-core (~> 2.8.0)
      rspec-expectations (~> 2.8.0)
      rspec-mocks (~> 2.8.0)
    rspec-core (2.8.0)
    rspec-expectations (2.8.0)
      diff-lcs (~> 1.1.2)
    rspec-mocks (2.8.0)
    simple_oauth (0.1.5)
    weary (1.0.0.rc1)
      addressable (~> 2.2.6)
      multi_json (~> 1.1.0)
      promise (~> 0.3.0)
      rack (~> 1.4.0)
      simple_oauth (~> 0.1.5)
    webmock (1.7.10)
      addressable (~> 2.2, > 2.2.5)
      crack (>= 0.1.7)

PLATFORMS
  java
  ruby

DEPENDENCIES
  gilt-rb!
  jruby-openssl (~> 0.7.6)
  rake (~> 0.9.2)
  rspec (~> 2.8.0)
  webmock (~> 1.7.10)
